GEM
  remote: https://rubygems.org/
  specs:
    argon2 (2.0.2)
      ffi (~> 1.9)
      ffi-compiler (>= 0.1)
    ast (2.4.0)
    byebug (11.1.1)
    c_lexer (2.6.4.1.1)
      ast (~> 2.4.0)
      parser (= 2.6.4.1)
    coderay (1.1.2)
    diff-lcs (1.3)
    execjs (2.7.0)
    ffi (1.12.2)
    ffi-compiler (1.0.1)
      ffi (>= 1.0.0)
      rake
    jaro_winkler (1.5.4)
    libv8 (7.3.492.27.1)
    listen (3.2.1)
      rb-fsevent (~> 0.10, >= 0.10.3)
      rb-inotify (~> 0.9, >= 0.9.10)
    message_bus (2.2.4)
      rack (>= 1.1.3)
    method_source (1.0.0)
    mini_racer (0.2.9)
      libv8 (>= 6.9.411)
    nio4r (2.5.2)
    opal (1.0.3)
      ast (>= 2.3.0)
      parser (~> 2.6)
    parallel (1.19.1)
    parser (2.6.4.1)
      ast (~> 2.4.0)
    pg (1.2.3)
    pry (0.13.1)
      coderay (~> 1.1)
      method_source (~> 1.0)
    pry-byebug (3.9.0)
      byebug (~> 11.0)
      pry (~> 0.13.0)
    puma (4.3.3)
      nio4r (~> 2.0)
    rack (2.2.2)
    rainbow (3.0.0)
    rake (13.0.1)
    rb-fsevent (0.10.3)
    rb-inotify (0.10.1)
      ffi (~> 1.0)
    rerun (0.13.0)
      listen (~> 3.0)
    roda (3.31.0)
      rack
    rspec (3.9.0)
      rspec-core (~> 3.9.0)
      rspec-expectations (~> 3.9.0)
      rspec-mocks (~> 3.9.0)
    rspec-core (3.9.1)
      rspec-support (~> 3.9.1)
    rspec-expectations (3.9.1)
      diff-lcs (>= 1.2.0, < 2.0)
      rspec-support (~> 3.9.0)
    rspec-mocks (3.9.1)
      diff-lcs (>= 1.2.0, < 2.0)
      rspec-support (~> 3.9.0)
    rspec-support (3.9.2)
    rubocop (0.78.0)
      jaro_winkler (~> 1.5.1)
      parallel (~> 1.10)
      parser (>= 2.6)
      rainbow (>= 2.2.2, < 4.0)
      ruby-progressbar (~> 1.7)
      unicode-display_width (>= 1.4.0, < 1.7)
    ruby-progressbar (1.10.1)
    sequel (5.31.0)
    sequel-annotate (1.4.0)
      sequel (>= 4)
    sequel_pg (1.13.0)
      pg (>= 0.18.0, != 1.2.0)
      sequel (>= 4.38.0)
    snabberb (0.3.0)
      opal (~> 1.0)
    tilt (2.0.10)
    unicode-display_width (1.6.1)

PLATFORMS
  ruby

DEPENDENCIES
  argon2
  c_lexer
  execjs
  message_bus
  mini_racer
  opal
  pry-byebug
  puma
  rake
  rerun
  roda
  rspec
  rubocop
  sequel
  sequel-annotate
  sequel_pg
  snabberb
  tilt

BUNDLED WITH
   2.1.2
